GEM
  remote: https://rubygems.org/
  specs:
    base64 (0.1.1)
    coderay (1.1.3)
    json (2.6.2)
    method_source (1.1.0)
    net-http (0.4.1)
      uri
    pry (0.14.2)
      coderay (~> 1.1)
      method_source (~> 1.0)
    uri (0.13.0)
    webrick (1.8.1)

PLATFORMS
  ruby
  x86_64-linux

DEPENDENCIES
  base64
  json
  net-http
  pry
  uri
  webrick

BUNDLED WITH
   2.5.14
