GEM
  remote: https://rubygems.org/
  specs:
    connection_pool (2.3.0)
    json (2.3.0)
    mustermann (3.0.0)
      ruby2_keywords (~> 0.0.1)
    ngrok-api (0.19.0)
    ngrok-tunnel (2.1.1)
    rack (2.2.4)
    rack-protection (3.0.2)
      rack
    redis (5.0.5)
      redis-client (>= 0.9.0)
    redis-client (0.10.0)
      connection_pool
    ruby2_keywords (0.0.5)
    sinatra (3.0.2)
      mustermann (~> 3.0)
      rack (~> 2.2, >= 2.2.4)
      rack-protection (= 3.0.2)
      tilt (~> 2.0)
    tilt (2.0.11)

PLATFORMS
  ruby

DEPENDENCIES
  json
  ngrok-api
  ngrok-tunnel
  redis
  sinatra

BUNDLED WITH
   2.1.4
